GEM
  remote: https://rubygems.org/
  specs:
    colorize (0.8.1)
    rake (12.3.2)

PLATFORMS
  ruby

DEPENDENCIES
  colorize
  rake

BUNDLED WITH
   2.0.1
