GEM
  remote: https://rubygems.org/
  specs:
    colorize (0.8.1)
    rake (13.0.1)

PLATFORMS
  ruby

DEPENDENCIES
  colorize
  rake

BUNDLED WITH
   2.1.4
